GEM
  remote: http://rubygems.org/
  specs:
    avro (1.6.1)
      yajl-ruby
    json (1.6.3)
    nokogiri (1.5.0)
    rack (1.3.5)
    rack-protection (1.1.4)
      rack
    ruby_protobuf (0.4.11)
    sinatra (1.3.1)
      rack (~> 1.3, >= 1.3.4)
      rack-protection (~> 1.1, >= 1.1.2)
      tilt (~> 1.3, >= 1.3.3)
    tilt (1.3.3)
    voldemort-rb (0.1.9)
      nokogiri (>= 1.4.3.1)
      ruby_protobuf (>= 0.3.3)
    yajl-ruby (1.1.0)

PLATFORMS
  ruby

DEPENDENCIES
  avro
  json
  nokogiri
  rack
  ruby_protobuf
  sinatra
  voldemort-rb
